{
  "Modality": "MR",
  "MagneticFieldStrength": 3,
  "ImagingFrequency": 123.208019,
  "Manufacturer": "Siemens",
  "ManufacturersModelName": "Prisma",
  "InstitutionName": "PLA No.988 Central Hospital",
  "InstitutionalDepartmentName": "Department",
  "InstitutionAddress": "Kexue street No.62,Zhengzhou,Zhongyuan district,CN,ZIP",
  "DeviceSerialNumber": "166215",
  "StationName": "AWP166215",
  "BodyPartExamined": "HEAD",
  "PatientPosition": "HFS",
  "ProcedureStepDescription": "chenpanpan^face",
  "SoftwareVersions": "syngo MR E11",
  "MRAcquisitionType": "2D",
  "SeriesDescription": "bold_p2s4_1000ms_iso_2mm_56sl_task_run2",
  "ProtocolName": "bold_p2s4_1000ms_iso_2mm_56sl_task_run2",
  "ScanningSequence": "EP",
  "SequenceVariant": "SK",
  "ScanOptions": "FS",
  "SequenceName": "*epfid2d1_110",
  "ImageType": [
    "ORIGINAL",
    "PRIMARY",
    "M",
    "ND",
    "MOSAIC"
  ],
  "NonlinearGradientCorrection": false,
  "SeriesNumber": 8,
  "AcquisitionTime": "19:11:16.182500",
  "AcquisitionNumber": 1,
  "SliceThickness": 2,
  "SpacingBetweenSlices": 2.2,
  "SAR": 0.0603338,
  "EchoTime": 0.03,
  "RepetitionTime": 1,
  "FlipAngle": 68,
  "PartialFourier": 1,
  "BaseResolution": 110,
  "ShimSetting": [
    11625,
    -9226,
    890,
    298,
    -112,
    -173,
    -93,
    11
  ],
  "TxRefAmp": 231.042,
  "PhaseResolution": 1,
  "ReceiveCoilName": "HeadNeck_64",
  "ReceiveCoilActiveElements": "HC1-7;NC1",
  "PulseSequenceDetails": "%SiemensSeq%\\ep2d_bold",
  "RefLinesPE": 24,
  "CoilCombinationMethod": "Sum of Squares",
  "ConsistencyInfo": "N4_VE11E_LATEST_20181129",
  "MultibandAccelerationFactor": 4,
  "PercentPhaseFOV": 100,
  "PercentSampling": 100,
  "EchoTrainLength": 55,
  "PhaseEncodingSteps": 110,
  "AcquisitionMatrixPE": 110,
  "ReconMatrixPE": 110,
  "BandwidthPerPixelPhaseEncode": 26.738,
  "ParallelReductionFactorInPlane": 2,
  "EffectiveEchoSpacing": 0.00034,
  "DerivedVendorReportedEchoSpacing": 0.000679999,
  "TotalReadoutTime": 0.03706,
  "PixelBandwidth": 1750,
  "DwellTime": 2.6e-06,
  "PhaseEncodingDirection": "j-",
  "SliceTiming": [
    0.7,
    0,
    0.49,
    0.07,
    0.56,
    0.14,
    0.63,
    0.28,
    0.77,
    0.35,
    0.84,
    0.42,
    0.91,
    0.21,
    0.7,
    0,
    0.49,
    0.07,
    0.56,
    0.14,
    0.63,
    0.28,
    0.77,
    0.35,
    0.84,
    0.42,
    0.91,
    0.21,
    0.7,
    0,
    0.49,
    0.07,
    0.56,
    0.14,
    0.63,
    0.28,
    0.77,
    0.35,
    0.84,
    0.42,
    0.91,
    0.21,
    0.7,
    0,
    0.49,
    0.07,
    0.56,
    0.14,
    0.63,
    0.28,
    0.77,
    0.35,
    0.84,
    0.42,
    0.91,
    0.21
  ],
  "ImageOrientationPatientDICOM": [
    0.996711,
    -0.0613956,
    0.0529007,
    0.0740684,
    0.955014,
    -0.287161
  ],
  "ImageOrientationText": "Tra>Cor(-16.9)>Sag(1.9)",
  "InPlanePhaseEncodingDirectionDICOM": "COL",
  "ConversionSoftware": "dcm2niix",
  "ConversionSoftwareVersion": "v1.0.20230411",
  "TaskName": "05"
}
