{
  "Modality": "MR",
  "MagneticFieldStrength": 3,
  "ImagingFrequency": 123.208007,
  "Manufacturer": "Siemens",
  "ManufacturersModelName": "Prisma",
  "InstitutionName": "PLA No.988 Central Hospital",
  "InstitutionalDepartmentName": "Department",
  "InstitutionAddress": "Kexue street No.62,Zhengzhou,Zhongyuan district,CN,ZIP",
  "DeviceSerialNumber": "166215",
  "StationName": "AWP166215",
  "BodyPartExamined": "HEAD",
  "PatientPosition": "HFS",
  "ProcedureStepDescription": "chenpanpan^face",
  "SoftwareVersions": "syngo MR E11",
  "MRAcquisitionType": "2D",
  "SeriesDescription": "BOLD_field_mapping_1",
  "ProtocolName": "BOLD_field_mapping_1",
  "ScanningSequence": "GR",
  "SequenceVariant": "SP",
  "SequenceName": "*fm2d2",
  "ImageType": [
    "ORIGINAL",
    "PRIMARY",
    "P",
    "ND",
    "PHASE"
  ],
  "NonlinearGradientCorrection": false,
  "SeriesNumber": 6,
  "AcquisitionTime": "15:36:9.785000",
  "AcquisitionNumber": 1,
  "SliceThickness": 2,
  "SpacingBetweenSlices": 2.2,
  "SAR": 0.193751,
  "EchoNumber": 2,
  "EchoTime": 0.00722,
  "RepetitionTime": 0.543,
  "FlipAngle": 60,
  "EchoTime1": 0.00476,
  "EchoTime2": 0.00722,
  "PartialFourier": 1,
  "BaseResolution": 110,
  "ShimSetting": [
    11633,
    -9305,
    942,
    419,
    -100,
    -27,
    -1,
    -4
  ],
  "TxRefAmp": 217.293,
  "PhaseResolution": 1,
  "ReceiveCoilName": "HeadNeck_64",
  "ReceiveCoilActiveElements": "HC1-7;NC1",
  "PulseSequenceDetails": "%SiemensSeq%\\gre_field_mapping",
  "CoilCombinationMethod": "Sum of Squares",
  "ConsistencyInfo": "N4_VE11E_LATEST_20181129",
  "MatrixCoilMode": "SENSE",
  "MultibandAccelerationFactor": 2,
  "PercentPhaseFOV": 100,
  "PercentSampling": 100,
  "PhaseEncodingSteps": 110,
  "AcquisitionMatrixPE": 110,
  "ReconMatrixPE": 110,
  "PixelBandwidth": 380,
  "DwellTime": 1.2e-05,
  "PhaseEncodingDirection": "j-",
  "SliceTiming": [
    0.26562,
    0,
    0.28125,
    0,
    0.29688,
    0.01562,
    0.29688,
    0.03125,
    0.3125,
    0.03125,
    0.3125,
    0.04688,
    0.32812,
    0.0625,
    0.34375,
    0.0625,
    0.34375,
    0.07812,
    0.35938,
    0.07812,
    0.35938,
    0.09375,
    0.375,
    0.10938,
    0.39062,
    0.10938,
    0.39062,
    0.125,
    0.40625,
    0.14062,
    0.42188,
    0.14062,
    0.42188,
    0.15625,
    0.4375,
    0.15625,
    0.4375,
    0.17188,
    0.45312,
    0.1875,
    0.46875,
    0.1875,
    0.46875,
    0.20312,
    0.48438,
    0.21875,
    0.48438,
    0.21875,
    0.5,
    0.23438,
    0.51562,
    0.23438,
    0.51562,
    0.25,
    0.53125,
    0.26562
  ],
  "ImageOrientationPatientDICOM": [
    0.99636,
    -0.0713162,
    0.0466891,
    0.0764909,
    0.989761,
    -0.120511
  ],
  "ImageOrientationText": "Tra>Cor(-7.1)>Sag(2.2)",
  "InPlanePhaseEncodingDirectionDICOM": "COL",
  "ConversionSoftware": "dcm2niix",
  "ConversionSoftwareVersion": "v1.0.20230411",
  "TaskName": "04"
}
