{
  "Modality": "MR",
  "MagneticFieldStrength": 3,
  "ImagingFrequency": 123.20797,
  "Manufacturer": "Siemens",
  "ManufacturersModelName": "Prisma",
  "InstitutionName": "PLA No.988 Central Hospital",
  "InstitutionalDepartmentName": "Department",
  "InstitutionAddress": "Kexue street No.62,Zhengzhou,Zhongyuan district,CN,ZIP",
  "DeviceSerialNumber": "166215",
  "StationName": "AWP166215",
  "BodyPartExamined": "HEAD",
  "PatientPosition": "HFS",
  "ProcedureStepDescription": "chenpanpan^face",
  "SoftwareVersions": "syngo MR E11",
  "MRAcquisitionType": "2D",
  "SeriesDescription": "BOLD_field_mapping_1",
  "ProtocolName": "BOLD_field_mapping_1",
  "ScanningSequence": "GR",
  "SequenceVariant": "SP",
  "SequenceName": "*fm2d2",
  "ImageType": [
    "ORIGINAL",
    "PRIMARY",
    "M",
    "ND"
  ],
  "NonlinearGradientCorrection": false,
  "SeriesNumber": 5,
  "AcquisitionTime": "16:58:33.767500",
  "AcquisitionNumber": 1,
  "SliceThickness": 2,
  "SpacingBetweenSlices": 2.2,
  "SAR": 0.226987,
  "EchoNumber": 2,
  "EchoTime": 0.00722,
  "RepetitionTime": 0.543,
  "FlipAngle": 60,
  "PartialFourier": 1,
  "BaseResolution": 110,
  "ShimSetting": [
    11615,
    -9335,
    916,
    303,
    -24,
    41,
    -30,
    28
  ],
  "TxRefAmp": 250.058,
  "PhaseResolution": 1,
  "ReceiveCoilName": "HeadNeck_64",
  "ReceiveCoilActiveElements": "HC1-7;NC1",
  "PulseSequenceDetails": "%SiemensSeq%\\gre_field_mapping",
  "CoilCombinationMethod": "Sum of Squares",
  "ConsistencyInfo": "N4_VE11E_LATEST_20181129",
  "MatrixCoilMode": "SENSE",
  "PercentPhaseFOV": 100,
  "PercentSampling": 100,
  "PhaseEncodingSteps": 110,
  "AcquisitionMatrixPE": 110,
  "ReconMatrixPE": 110,
  "PixelBandwidth": 380,
  "DwellTime": 1.2e-05,
  "PhaseEncodingDirection": "j-",
  "SliceTiming": [
    0.26562,
    0,
    0.28125,
    0,
    0.28125,
    0.01562,
    0.29688,
    0.03125,
    0.3125,
    0.03125,
    0.3125,
    0.04688,
    0.32812,
    0.04688,
    0.32812,
    0.0625,
    0.34375,
    0.07812,
    0.35938,
    0.07812,
    0.35938,
    0.09375,
    0.375,
    0.10938,
    0.375,
    0.10938,
    0.39062,
    0.125,
    0.40625,
    0.125,
    0.40625,
    0.14062,
    0.42188,
    0.15625,
    0.4375,
    0.15625,
    0.4375,
    0.17188,
    0.45312,
    0.1875,
    0.45312,
    0.1875,
    0.46875,
    0.20312,
    0.48438,
    0.20312,
    0.48438,
    0.21875,
    0.5,
    0.23438,
    0.51562,
    0.23438,
    0.51562,
    0.25,
    0.53125,
    0.25
  ],
  "ImageOrientationPatientDICOM": [
    0.999022,
    0.0438116,
    -0.00601941,
    -0.0439676,
    0.998616,
    -0.0288537
  ],
  "ImageOrientationText": "Tra>Cor(-1.7)>Sag(-0.3)",
  "InPlanePhaseEncodingDirectionDICOM": "COL",
  "ConversionSoftware": "dcm2niix",
  "ConversionSoftwareVersion": "v1.0.20230411",
  "TaskName": "01"
}
