{
  "Modality": "MR",
  "MagneticFieldStrength": 3,
  "ImagingFrequency": 123.207972,
  "Manufacturer": "Siemens",
  "ManufacturersModelName": "Prisma",
  "InstitutionName": "PLA No.988 Central Hospital",
  "InstitutionalDepartmentName": "Department",
  "InstitutionAddress": "Kexue street No.62,Zhengzhou,Zhongyuan district,CN,ZIP",
  "DeviceSerialNumber": "166215",
  "StationName": "AWP166215",
  "BodyPartExamined": "HEAD",
  "PatientPosition": "HFS",
  "ProcedureStepDescription": "chenpanpan^face",
  "SoftwareVersions": "syngo MR E11",
  "MRAcquisitionType": "2D",
  "SeriesDescription": "bold_p2s4_1000ms_iso_2mm_56sl_task-face",
  "ProtocolName": "bold_p2s4_1000ms_iso_2mm_56sl_task-face",
  "ScanningSequence": "EP",
  "SequenceVariant": "SK",
  "ScanOptions": "FS",
  "SequenceName": "*epfid2d1_110",
  "ImageType": [
    "ORIGINAL",
    "PRIMARY",
    "M",
    "ND",
    "MOSAIC"
  ],
  "NonlinearGradientCorrection": false,
  "AcquisitionNumber": 1,
  "SliceThickness": 2,
  "SpacingBetweenSlices": 2.2,
  "SAR": 0.0738506,
  "EchoTime": 0.03,
  "RepetitionTime": 1,
  "FlipAngle": 68,
  "PartialFourier": 1,
  "BaseResolution": 110,
  "TxRefAmp": 251.818,
  "PhaseResolution": 1,
  "ReceiveCoilName": "HeadNeck_64",
  "ReceiveCoilActiveElements": "HC1-7;NC1",
  "PulseSequenceDetails": "%SiemensSeq%\\ep2d_bold",
  "RefLinesPE": 24,
  "CoilCombinationMethod": "Sum of Squares",
  "ConsistencyInfo": "N4_VE11E_LATEST_20181129",
  "MultibandAccelerationFactor": 4,
  "PercentPhaseFOV": 100,
  "PercentSampling": 100,
  "EchoTrainLength": 55,
  "PhaseEncodingSteps": 110,
  "AcquisitionMatrixPE": 110,
  "ReconMatrixPE": 110,
  "BandwidthPerPixelPhaseEncode": 26.738,
  "ParallelReductionFactorInPlane": 2,
  "EffectiveEchoSpacing": 0.00034,
  "DerivedVendorReportedEchoSpacing": 0.000679999,
  "TotalReadoutTime": 0.03706,
  "PixelBandwidth": 1750,
  "DwellTime": 2.6e-06,
  "PhaseEncodingDirection": "j-",
  "ImageOrientationPatientDICOM": [
    0.999835,
    -0.00826959,
    -0.0161803,
    0.00698033,
    0.996915,
    -0.0781758
  ],
  "ImageOrientationText": "Tra>Cor(-4.5)>Sag(-1.0)",
  "InPlanePhaseEncodingDirectionDICOM": "COL",
  "ConversionSoftware": "dcm2niix",
  "ConversionSoftwareVersion": "v1.0.20230411",
  "TaskName": "02"
}
