{
  "Modality": "MR",
  "MagneticFieldStrength": 3,
  "ImagingFrequency": 123.208003,
  "Manufacturer": "Siemens",
  "ManufacturersModelName": "Prisma",
  "InstitutionName": "PLA No.988 Central Hospital",
  "InstitutionalDepartmentName": "Department",
  "InstitutionAddress": "Kexue street No.62,Zhengzhou,Zhongyuan district,CN,ZIP",
  "DeviceSerialNumber": "166215",
  "StationName": "AWP166215",
  "BodyPartExamined": "HEAD",
  "PatientPosition": "HFS",
  "ProcedureStepDescription": "chenpanpan^face",
  "SoftwareVersions": "syngo MR E11",
  "MRAcquisitionType": "2D",
  "SeriesDescription": "BOLD_field_mapping_3",
  "ProtocolName": "BOLD_field_mapping_3",
  "ScanningSequence": "GR",
  "SequenceVariant": "SP",
  "SequenceName": "*fm2d2",
  "ImageType": [
    "ORIGINAL",
    "PRIMARY",
    "P",
    "ND",
    "PHASE"
  ],
  "NonlinearGradientCorrection": false,
  "SeriesNumber": 16,
  "AcquisitionTime": "10:24:1.867500",
  "AcquisitionNumber": 1,
  "SliceThickness": 2,
  "SpacingBetweenSlices": 2.2,
  "SAR": 0.179937,
  "EchoNumber": 2,
  "EchoTime": 0.00722,
  "RepetitionTime": 0.543,
  "FlipAngle": 60,
  "EchoTime1": 0.00476,
  "EchoTime2": 0.00722,
  "PartialFourier": 1,
  "BaseResolution": 110,
  "ShimSetting": [
    11635,
    -9258,
    928,
    390,
    -48,
    48,
    -134,
    -12
  ],
  "TxRefAmp": 214.793,
  "PhaseResolution": 1,
  "ReceiveCoilName": "HeadNeck_64",
  "ReceiveCoilActiveElements": "HC1-7;NC1",
  "PulseSequenceDetails": "%SiemensSeq%\\gre_field_mapping",
  "CoilCombinationMethod": "Sum of Squares",
  "ConsistencyInfo": "N4_VE11E_LATEST_20181129",
  "MatrixCoilMode": "SENSE",
  "PercentPhaseFOV": 100,
  "PercentSampling": 100,
  "PhaseEncodingSteps": 110,
  "AcquisitionMatrixPE": 110,
  "ReconMatrixPE": 110,
  "PixelBandwidth": 380,
  "DwellTime": 1.2e-05,
  "PhaseEncodingDirection": "j-",
  "SliceTiming": [
    0.27344,
    0,
    0.28125,
    0.00781,
    0.29688,
    0.02344,
    0.30469,
    0.03125,
    0.3125,
    0.03906,
    0.32031,
    0.05469,
    0.32812,
    0.0625,
    0.34375,
    0.07031,
    0.35156,
    0.07812,
    0.35938,
    0.08594,
    0.375,
    0.10156,
    0.38281,
    0.10938,
    0.39062,
    0.11719,
    0.39844,
    0.125,
    0.40625,
    0.14062,
    0.42188,
    0.14844,
    0.42969,
    0.15625,
    0.4375,
    0.16406,
    0.44531,
    0.17969,
    0.46094,
    0.1875,
    0.46875,
    0.19531,
    0.47656,
    0.20312,
    0.48438,
    0.21875,
    0.5,
    0.22656,
    0.50781,
    0.23438,
    0.51562,
    0.24219,
    0.52344,
    0.25,
    0.53906,
    0.26562
  ],
  "ImageOrientationPatientDICOM": [
    0.997263,
    -0.0535144,
    0.0510192,
    0.0608206,
    0.986119,
    -0.154501
  ],
  "ImageOrientationText": "Tra>Cor(-9.1)>Sag(2.4)",
  "InPlanePhaseEncodingDirectionDICOM": "COL",
  "ConversionSoftware": "dcm2niix",
  "ConversionSoftwareVersion": "v1.0.20230411",
  "TaskName": "03"
}
