{
  "Modality": "MR",
  "MagneticFieldStrength": 3,
  "ImagingFrequency": 123.207994,
  "Manufacturer": "Siemens",
  "ManufacturersModelName": "Prisma",
  "InstitutionName": "PLA No.988 Central Hospital",
  "InstitutionalDepartmentName": "Department",
  "InstitutionAddress": "Kexue street No.62,Zhengzhou,Zhongyuan district,CN,ZIP",
  "DeviceSerialNumber": "166215",
  "StationName": "AWP166215",
  "BodyPartExamined": "HEAD",
  "PatientPosition": "HFS",
  "ProcedureStepDescription": "chenpanpan^face",
  "SoftwareVersions": "syngo MR E11",
  "MRAcquisitionType": "2D",
  "SeriesDescription": "BOLD_field_mapping_2",
  "ProtocolName": "BOLD_field_mapping_2",
  "ScanningSequence": "GR",
  "SequenceVariant": "SP",
  "SequenceName": "*fm2d2",
  "ImageType": [
    "ORIGINAL",
    "PRIMARY",
    "P",
    "ND",
    "PHASE"
  ],
  "NonlinearGradientCorrection": false,
  "SeriesNumber": 11,
  "AcquisitionTime": "11:23:41.847500",
  "AcquisitionNumber": 1,
  "SliceThickness": 2,
  "SpacingBetweenSlices": 2.2,
  "SAR": 0.193282,
  "EchoNumber": 2,
  "EchoTime": 0.00722,
  "RepetitionTime": 0.543,
  "FlipAngle": 60,
  "EchoTime1": 0.00476,
  "EchoTime2": 0.00722,
  "PartialFourier": 1,
  "BaseResolution": 110,
  "ShimSetting": [
    11603,
    -9273,
    939,
    404,
    -96,
    58,
    -39,
    -25
  ],
  "TxRefAmp": 218.685,
  "PhaseResolution": 1,
  "ReceiveCoilName": "HeadNeck_64",
  "ReceiveCoilActiveElements": "HC1-7;NC1",
  "PulseSequenceDetails": "%SiemensSeq%\\gre_field_mapping",
  "CoilCombinationMethod": "Sum of Squares",
  "ConsistencyInfo": "N4_VE11E_LATEST_20181129",
  "MatrixCoilMode": "SENSE",
  "MultibandAccelerationFactor": 2,
  "PercentPhaseFOV": 100,
  "PercentSampling": 100,
  "PhaseEncodingSteps": 110,
  "AcquisitionMatrixPE": 110,
  "ReconMatrixPE": 110,
  "PixelBandwidth": 380,
  "DwellTime": 1.2e-05,
  "PhaseEncodingDirection": "j-",
  "SliceTiming": [
    0.26562,
    0,
    0.28125,
    0.00781,
    0.28906,
    0.01562,
    0.29688,
    0.02344,
    0.3125,
    0.03906,
    0.32031,
    0.04688,
    0.32812,
    0.05469,
    0.33594,
    0.07031,
    0.34375,
    0.07812,
    0.35938,
    0.08594,
    0.36719,
    0.09375,
    0.375,
    0.10156,
    0.39062,
    0.11719,
    0.39844,
    0.125,
    0.40625,
    0.13281,
    0.41406,
    0.14062,
    0.42188,
    0.15625,
    0.4375,
    0.16406,
    0.44531,
    0.17188,
    0.45312,
    0.1875,
    0.46094,
    0.19531,
    0.47656,
    0.20312,
    0.48438,
    0.21094,
    0.49219,
    0.21875,
    0.5,
    0.23438,
    0.51562,
    0.24219,
    0.52344,
    0.25,
    0.53125,
    0.26562
  ],
  "ImageOrientationPatientDICOM": [
    0.991008,
    -0.133759,
    -0.00345111,
    0.131877,
    0.980774,
    -0.143844
  ],
  "ImageOrientationText": "Tra>Cor(-8.2)>Sag(-1.3)",
  "InPlanePhaseEncodingDirectionDICOM": "COL",
  "ConversionSoftware": "dcm2niix",
  "ConversionSoftwareVersion": "v1.0.20230411",
  "TaskName": "09"
}
